GEM
  remote: http://rubygems.org/
  specs:
    activesupport (2.3.5)
    chunky_png (1.2.0)
    compass (0.11.1)
      chunky_png (~> 1.1)
      fssm (>= 0.2.7)
      sass (~> 3.1)
    daemons (1.1.3)
    eventmachine (0.12.10)
    fssm (0.2.7)
    fuzzyhash (0.0.11)
    i18n (0.5.0)
    mini_portile2 (2.4.0)
    nokogiri (1.10.4)
      mini_portile2 (~> 2.4.0)
    padrino (0.9.10)
      padrino-admin (= 0.9.10)
      padrino-core (= 0.9.10)
      padrino-gen (= 0.9.10)
      padrino-helpers (= 0.9.10)
      padrino-mailer (= 0.9.10)
    padrino-admin (0.9.10)
      padrino-core (= 0.9.10)
      padrino-gen (= 0.9.10)
      padrino-helpers (= 0.9.10)
    padrino-core (0.9.10)
      activesupport (= 2.3.5)
      bundler (>= 0.9.7)
      i18n (>= 0.3.2)
      sinatra (>= 1.0.0)
      thor (>= 0.13.0)
      usher (>= 0.6.2)
    padrino-gen (0.9.10)
      padrino-core (= 0.9.10)
    padrino-helpers (0.9.10)
      padrino-core (= 0.9.10)
    padrino-mailer (0.9.10)
      padrino-core (= 0.9.10)
      tmail (>= 1.2)
    rack (1.2.2)
    rack-flash (0.1.1)
      rack
    rack-test (0.6.0)
      rack (>= 1.0)
    rake (0.8.7)
    sass (3.1.1)
    shoulda (2.11.3)
    sinatra (1.2.6)
      rack (~> 1.1)
      tilt (>= 1.2.2, < 2.0)
    thin (1.2.11)
      daemons (>= 1.0.9)
      eventmachine (>= 0.12.6)
      rack (>= 1.0.0)
    thor (0.14.6)
    tilt (1.3)
    tmail (1.2.7.1)
    usher (0.8.3)
      fuzzyhash (>= 0.0.11)

PLATFORMS
  ruby

DEPENDENCIES
  compass (~> 0.11.1)
  nokogiri
  padrino (= 0.9.10)
  rack-flash
  rack-test
  rake
  sass (~> 3.1.1)
  shoulda
  thin
